GEM
  remote: https://rubygems.org/
  specs:
    diff-lcs (1.2.5)
    knapsack (1.6.0)
      rake
      timecop (>= 0.1.0)
    rake (13.0.6)
    rspec (3.4.0)
      rspec-core (~> 3.4.0)
      rspec-expectations (~> 3.4.0)
      rspec-mocks (~> 3.4.0)
    rspec-core (3.4.2)
      rspec-support (~> 3.4.0)
    rspec-expectations (3.4.0)
      diff-lcs (>= 1.2.0, < 2.0)
      rspec-support (~> 3.4.0)
    rspec-mocks (3.4.1)
      diff-lcs (>= 1.2.0, < 2.0)
      rspec-support (~> 3.4.0)
    rspec-support (3.4.1)
    timecop (0.8.0)

PLATFORMS
  ruby

DEPENDENCIES
  knapsack
  rspec

BUNDLED WITH
   1.11.2
